GEM
  remote: https://rubygems.org/
  specs:
    async (2.10.1)
      console (~> 1.10)
      fiber-annotation
      io-event (~> 1.5, >= 1.5.1)
      timers (~> 4.1)
    combine_pdf (1.0.26)
      matrix
      ruby-rc4 (>= 0.1.5)
    console (1.23.6)
      fiber-annotation
      fiber-local
      json
    fiber-annotation (0.2.0)
    fiber-local (1.0.0)
    grover (1.1.7)
      combine_pdf (~> 1.0)
      nokogiri (~> 1.0)
    httparty (0.21.0)
      mini_mime (>= 1.0.0)
      multi_xml (>= 0.5.2)
    io-event (1.5.1)
    json (2.7.1)
    language_server-protocol (3.17.0.3)
    matrix (0.4.2)
    mini_mime (1.1.5)
    mini_portile2 (2.8.5)
    minitest (5.22.3)
    multi_xml (0.6.0)
    nokogiri (1.16.3)
      mini_portile2 (~> 2.8.2)
      racc (~> 1.4)
    nokogiri (1.16.3-x86_64-linux)
      racc (~> 1.4)
    pdfkit (0.8.7.3)
    prism (0.24.0)
    racc (1.7.3)
    ruby-lsp (0.14.6)
      language_server-protocol (~> 3.17.0)
      prism (>= 0.22.0, < 0.25)
      sorbet-runtime (>= 0.5.10782)
    ruby-rc4 (0.1.5)
    sorbet-runtime (0.5.11305)
    timers (4.3.5)

PLATFORMS
  ruby
  x86_64-linux

DEPENDENCIES
  async
  grover
  httparty
  minitest
  nokogiri
  pdfkit
  ruby-lsp

BUNDLED WITH
   2.5.7
